PATH
  remote: .
  specs:
    beta-pod (1.1.0)
      bundler (~> 1.10)

GEM
  remote: https://rubygems.org/
  specs:
    rake (10.4.2)

PLATFORMS
  ruby

DEPENDENCIES
  beta-pod!
  rake (~> 10.4)

BUNDLED WITH
   1.10.6
